PATH
  remote: .
  specs:
    http_status_exceptions (0.2.1)
      actionpack (~> 2)

GEM
  remote: http://rubygems.org/
  specs:
    actionpack (2.3.9)
      activesupport (= 2.3.9)
      rack (~> 1.1.0)
    activesupport (2.3.9)
    diff-lcs (1.1.2)
    rack (1.1.0)
    rake (0.8.7)
    rspec (2.2.0)
      rspec-core (~> 2.2)
      rspec-expectations (~> 2.2)
      rspec-mocks (~> 2.2)
    rspec-core (2.2.1)
    rspec-expectations (2.2.0)
      diff-lcs (~> 1.1.2)
    rspec-mocks (2.2.0)

PLATFORMS
  ruby

DEPENDENCIES
  actionpack (~> 2)
  http_status_exceptions!
  rake
  rspec (~> 2)
